GEM
  specs:
    binding_of_caller (0.7.2)
      debug_inspector (>= 0.0.1)
    debug_inspector (0.0.2)

PLATFORMS
  ruby

DEPENDENCIES
  binding_of_caller

BUNDLED WITH
   1.12.2
